GIT
  remote: https://github.com/codewars/ruby-test-framework.git
  revision: 7092216514714f90a03020a8ae8ccf765610eb37
  specs:
    codewars_test (0.0.2)

GEM
  remote: https://rubygems.org/
  specs:
    diff-lcs (1.5.1)
    drb (2.2.1)
    erubi (1.13.0)
    netrc (0.11.0)
    parallel (1.25.1)
    prism (0.30.0)
    rbi (0.1.13)
      prism (>= 0.18.0, < 1.0.0)
      sorbet-runtime (>= 0.5.9204)
    rspec-core (3.13.0)
      rspec-support (~> 3.13.0)
    rspec-expectations (3.13.1)
      diff-lcs (>= 1.2.0, < 2.0)
      rspec-support (~> 3.13.0)
    rspec-support (3.13.1)
    sorbet (0.5.11435)
      sorbet-static (= 0.5.11435)
    sorbet-runtime (0.5.11435)
    sorbet-static (0.5.11435-aarch64-linux)
    sorbet-static (0.5.11435-universal-darwin)
    sorbet-static (0.5.11435-x86_64-linux)
    sorbet-static-and-runtime (0.5.11435)
      sorbet (= 0.5.11435)
      sorbet-runtime (= 0.5.11435)
    spoom (1.3.2)
      erubi (>= 1.10.0)
      prism (>= 0.19.0)
      sorbet-static-and-runtime (>= 0.5.10187)
      thor (>= 0.19.2)
    tapioca (0.14.3)
      bundler (>= 2.2.25)
      netrc (>= 0.11.0)
      parallel (>= 1.21.0)
      rbi (>= 0.1.4, < 0.2)
      sorbet-static-and-runtime (>= 0.5.11087)
      spoom (>= 1.2.0)
      thor (>= 1.2.0)
      yard-sorbet
    thor (1.3.1)
    yard (0.9.36)
    yard-sorbet (0.8.1)
      sorbet-runtime (>= 0.5)
      yard (>= 0.9)

PLATFORMS
  aarch64-linux
  universal-darwin
  x86_64-linux

DEPENDENCIES
  codewars_test!
  drb
  rspec-core
  rspec-expectations
  sorbet
  sorbet-runtime
  sorbet-static
  tapioca

BUNDLED WITH
   2.5.11
